GEM
  remote: https://rubygems.org/
  specs:
    cuba (3.9.2)
      rack (>= 1.6.0)
    jruby-jars (1.7.15)
    jruby-rack (1.1.16)
    rack (2.0.8)
    rake (10.3.2)
    rubyzip (1.1.6)
    rufus-lru (1.0.5)
    tabula-extractor (0.7.6-java)
      trollop (~> 2.0)
    tilt (2.0.1)
    trollop (2.1.1)
    warbler (1.4.4)
      jruby-jars (>= 1.5.6, < 2.0)
      jruby-rack (>= 1.0.0)
      rake (>= 0.9.6)
      rubyzip (>= 0.9, < 1.2)

PLATFORMS
  java
  ruby

DEPENDENCIES
  cuba (>= 3.3.0)
  jruby-jars (= 1.7.15)
  rack (>= 1.6.12)
  rake
  rufus-lru
  tabula-extractor (~> 0.7.6)
  tilt
  warbler

BUNDLED WITH
   1.17.3
