GEM
  remote: https://rubygems.org/
  specs:
    cuba (3.3.0)
      rack
    jruby-jars (1.7.15)
    jruby-rack (1.1.21)
    rack (1.5.2)
    rake (12.3.1)
    rubyzip (1.2.2)
    rufus-lru (1.0.5)
    tabula-extractor (0.7.6-java)
      trollop (~> 2.0)
    tilt (2.0.1)
    trollop (2.1.1)
    warbler (1.4.10)
      jruby-jars (>= 1.5.6, < 2.0)
      jruby-rack (>= 1.1.1, < 1.3)
      rake (>= 0.9.6)
      rubyzip (>= 0.9, < 1.3)

PLATFORMS
  java
  ruby

DEPENDENCIES
  cuba
  jruby-jars (= 1.7.15)
  rack
  rake
  rufus-lru
  tabula-extractor (~> 0.7.6)
  tilt
  warbler (>= 1.4.10)

BUNDLED WITH
   1.16.5
